GEM
  remote: https://rubygems.org/
  specs:
    pg (1.0.0)
    rainbow (3.0.0)
    terminal-table (1.8.0)
      unicode-display_width (~> 1.1, >= 1.1.1)
    thor (0.20.0)
    unicode-display_width (1.3.0)

PLATFORMS
  ruby

DEPENDENCIES
  pg
  rainbow
  terminal-table
  thor

BUNDLED WITH
   1.16.1
